GIT
  remote: https://github.com/dabit/annotate_models.git
  revision: f38741d005052045e4d4c2c26b009d3ade0864f3
  branch: rails-7
  specs:
    annotate (3.1.1)
      activerecord (>= 3.2, < 7.1)
      rake (>= 10.4, < 14.0)

GIT
  remote: https://github.com/nbudin/cloudwatch_scheduler.git
  revision: 3c4a06c3bf6596663f45d05f524ddddafc09e542
  branch: ruby3_rails7_compat
  specs:
    cloudwatch_scheduler (1.1.1)
      aws-sdk-cloudwatchevents (~> 1.13)
      aws-sdk-sqs (~> 1.10)
      rails (>= 5.2.0)
      shoryuken (>= 2.0)

GIT
  remote: https://github.com/neinteractiveliterature/civil_service.git
  revision: bba59c4a91c3ca61386cfca2f723031ba097da93
  branch: no-double-validate
  specs:
    civil_service (2.3.0)
      activemodel (>= 3.0.0)

GEM
  remote: https://rubygems.org/
  specs:
    actioncable (7.0.4.3)
      actionpack (= 7.0.4.3)
      activesupport (= 7.0.4.3)
      nio4r (~> 2.0)
      websocket-driver (>= 0.6.1)
    actionmailbox (7.0.4.3)
      actionpack (= 7.0.4.3)
      activejob (= 7.0.4.3)
      activerecord (= 7.0.4.3)
      activestorage (= 7.0.4.3)
      activesupport (= 7.0.4.3)
      mail (>= 2.7.1)
      net-imap
      net-pop
      net-smtp
    actionmailer (7.0.4.3)
      actionpack (= 7.0.4.3)
      actionview (= 7.0.4.3)
      activejob (= 7.0.4.3)
      activesupport (= 7.0.4.3)
      mail (~> 2.5, >= 2.5.4)
      net-imap
      net-pop
      net-smtp
      rails-dom-testing (~> 2.0)
    actionpack (7.0.4.3)
      actionview (= 7.0.4.3)
      activesupport (= 7.0.4.3)
      rack (~> 2.0, >= 2.2.0)
      rack-test (>= 0.6.3)
      rails-dom-testing (~> 2.0)
      rails-html-sanitizer (~> 1.0, >= 1.2.0)
    actiontext (7.0.4.3)
      actionpack (= 7.0.4.3)
      activerecord (= 7.0.4.3)
      activestorage (= 7.0.4.3)
      activesupport (= 7.0.4.3)
      globalid (>= 0.6.0)
      nokogiri (>= 1.8.5)
    actionview (7.0.4.3)
      activesupport (= 7.0.4.3)
      builder (~> 3.1)
      erubi (~> 1.4)
      rails-dom-testing (~> 2.0)
      rails-html-sanitizer (~> 1.1, >= 1.2.0)
    active_storage_svg_sanitizer (0.1.0)
      rails (>= 5.2)
    activejob (7.0.4.3)
      activesupport (= 7.0.4.3)
      globalid (>= 0.3.6)
    activemodel (7.0.4.3)
      activesupport (= 7.0.4.3)
    activerecord (7.0.4.3)
      activemodel (= 7.0.4.3)
      activesupport (= 7.0.4.3)
    activerecord-session_store (2.0.0)
      actionpack (>= 5.2.4.1)
      activerecord (>= 5.2.4.1)
      multi_json (~> 1.11, >= 1.11.2)
      rack (>= 2.0.8, < 3)
      railties (>= 5.2.4.1)
    activestorage (7.0.4.3)
      actionpack (= 7.0.4.3)
      activejob (= 7.0.4.3)
      activerecord (= 7.0.4.3)
      activesupport (= 7.0.4.3)
      marcel (~> 1.0)
      mini_mime (>= 1.1.0)
    activesupport (7.0.4.3)
      concurrent-ruby (~> 1.0, >= 1.0.2)
      i18n (>= 1.6, < 2)
      minitest (>= 5.1)
      tzinfo (~> 2.0)
    acts_as_list (0.9.16)
      activerecord (>= 3.0)
    addressable (2.8.1)
      public_suffix (>= 2.0.2, < 6.0)
    ahoy_matey (4.2.1)
      activesupport (>= 5.2)
      device_detector
      safely_block (>= 0.2.1)
    ansi (1.5.0)
    apollo_upload_server (2.1.5)
      actionpack (>= 6.1.6)
      graphql (>= 1.8)
    ast (2.4.2)
    aws-eventstream (1.2.0)
    aws-partitions (1.739.0)
    aws-record (2.10.1)
      aws-sdk-dynamodb (~> 1.18)
    aws-sdk-cloudwatchevents (1.57.0)
      aws-sdk-core (~> 3, >= 3.127.0)
      aws-sigv4 (~> 1.1)
    aws-sdk-cloudwatchlogs (1.62.0)
      aws-sdk-core (~> 3, >= 3.165.0)
      aws-sigv4 (~> 1.1)
    aws-sdk-core (3.171.0)
      aws-eventstream (~> 1, >= 1.0.2)
      aws-partitions (~> 1, >= 1.651.0)
      aws-sigv4 (~> 1.5)
      jmespath (~> 1, >= 1.6.1)
    aws-sdk-dynamodb (1.83.0)
      aws-sdk-core (~> 3, >= 3.165.0)
      aws-sigv4 (~> 1.1)
    aws-sdk-kms (1.63.0)
      aws-sdk-core (~> 3, >= 3.165.0)
      aws-sigv4 (~> 1.1)
    aws-sdk-rails (3.7.1)
      aws-record (~> 2)
      aws-sdk-ses (~> 1)
      aws-sdk-sesv2 (~> 1)
      aws-sdk-sqs (~> 1)
      aws-sessionstore-dynamodb (~> 2)
      concurrent-ruby (~> 1)
      railties (>= 5.2.0)
    aws-sdk-s3 (1.120.0)
      aws-sdk-core (~> 3, >= 3.165.0)
      aws-sdk-kms (~> 1)
      aws-sigv4 (~> 1.4)
    aws-sdk-ses (1.49.0)
      aws-sdk-core (~> 3, >= 3.165.0)
      aws-sigv4 (~> 1.1)
    aws-sdk-sesv2 (1.32.0)
      aws-sdk-core (~> 3, >= 3.165.0)
      aws-sigv4 (~> 1.1)
    aws-sdk-sns (1.60.0)
      aws-sdk-core (~> 3, >= 3.165.0)
      aws-sigv4 (~> 1.1)
    aws-sdk-sqs (1.53.0)
      aws-sdk-core (~> 3, >= 3.165.0)
      aws-sigv4 (~> 1.1)
    aws-sessionstore-dynamodb (2.0.1)
      aws-sdk-dynamodb (~> 1)
      rack (~> 2)
    aws-sigv4 (1.5.2)
      aws-eventstream (~> 1, >= 1.0.2)
    backport (1.2.0)
    bcrypt (3.1.18)
    bcrypt (3.1.18-java)
    benchmark (0.2.1)
    benchmark-ips (2.10.0)
    bootsnap (1.16.0)
      msgpack (~> 1.2)
    browser (5.3.1)
    builder (3.2.4)
    cadmus (0.7.1)
      liquid
      rails (>= 5.0.0)
    cadmus_navbar (0.1.0)
      acts_as_list
      cadmus
      rails (>= 5.0.0)
    cloudwatchlogger (1.0.1)
      aws-sdk-cloudwatchlogs (~> 1)
      multi_json (~> 1)
      uuid (~> 2)
    coderay (1.1.3)
    concurrent-ruby (1.2.2)
    crass (1.0.6)
    dalli (3.2.4)
    dante (0.2.0)
    dead_end (4.0.0)
    debug (1.7.2)
      irb (>= 1.5.0)
      reline (>= 0.3.1)
    derailed_benchmarks (2.1.2)
      benchmark-ips (~> 2)
      dead_end
      get_process_mem (~> 0)
      heapy (~> 0)
      memory_profiler (>= 0, < 2)
      mini_histogram (>= 0.3.0)
      rack (>= 1)
      rack-test
      rake (> 10, < 14)
      ruby-statistics (>= 2.1)
      thor (>= 0.19, < 2)
    device_detector (1.1.0)
    devise (4.9.2)
      bcrypt (~> 3.0)
      orm_adapter (~> 0.1)
      railties (>= 4.1.0)
      responders
      warden (~> 1.2.3)
    devise-doorkeeper (1.2.0)
      devise
      doorkeeper
      rails
    devise-encryptable (0.2.0)
      devise (>= 2.1.0)
    diff-lcs (1.5.0)
    digest (3.1.1)
    digest (3.1.1-java)
    docile (1.4.0)
    domain_prefix (0.4.20210906)
      json
      simpleidn (>= 0.0.5)
    doorkeeper (5.6.6)
      railties (>= 5)
    doorkeeper-jwt (0.4.1)
      jwt (>= 2.1)
    doorkeeper-openid_connect (1.8.5)
      doorkeeper (>= 5.5, < 5.7)
      jwt (>= 2.5)
    dotenv (2.8.1)
    dotenv-rails (2.8.1)
      dotenv (= 2.8.1)
      railties (>= 3.2)
    e2mmap (0.1.0)
    errbase (0.2.2)
    erubi (1.12.0)
    erubis (2.7.0)
    eu_central_bank (1.7.0)
      money (~> 6.13, >= 6.13.6)
      nokogiri (~> 1.9)
    excon (0.93.1)
    factory_bot (6.2.1)
      activesupport (>= 5.0.0)
    factory_bot_rails (6.2.0)
      factory_bot (~> 6.2.0)
      railties (>= 5.0.0)
    faker (3.1.1)
      i18n (>= 1.8.11, < 2)
    faraday (2.7.4)
      faraday-net_http (>= 2.0, < 3.1)
      ruby2_keywords (>= 0.0.4)
    faraday-net_http (3.0.2)
    ffi (1.15.5)
    ffi (1.15.5-java)
    flamegraph (0.9.5)
    get_process_mem (0.2.7)
      ffi (~> 1.0)
    globalid (1.0.1)
      activesupport (>= 5.0)
    graphql (2.0.20)
    graphql-batch (0.5.2)
      graphql (>= 1.10, < 3)
      promise.rb (~> 0.7.2)
    graphql-rails_logger (1.2.4)
      actionpack (> 5.0)
      activesupport (> 5.0)
      railties (> 5.0)
      rouge (~> 3.0)
    haml (6.1.1)
      temple (>= 0.8.2)
      thor
      tilt
    haml (6.1.1-java)
      temple (>= 0.8.2)
      thor
      tilt
    heapy (0.2.0)
      thor
    heroics (0.1.2)
      erubis (~> 2.0)
      excon
      moneta
      multi_json (>= 1.9.2)
      webrick
    i18n (1.12.0)
      concurrent-ruby (~> 1.0)
    icalendar (2.8.0)
      ice_cube (~> 0.16)
    ice_cube (0.16.4)
    image_processing (1.12.2)
      mini_magick (>= 4.9.5, < 5)
      ruby-vips (>= 2.0.17, < 3)
    io-console (0.6.0)
    io-console (0.6.0-java)
    irb (1.6.3)
      reline (>= 0.3.0)
    jaro_winkler (1.5.4)
    jaro_winkler (1.5.4-java)
    jmespath (1.6.2)
    json (2.6.3)
    json (2.6.3-java)
    jwt (2.7.0)
    kramdown (2.4.0)
      rexml
    kramdown-parser-gfm (1.1.0)
      kramdown (~> 2.0)
    launchy (2.5.2)
      addressable (~> 2.8)
    letter_opener (1.8.1)
      launchy (>= 2.2, < 3)
    liquid (5.4.0)
    listen (3.8.0)
      rb-fsevent (~> 0.10, >= 0.10.3)
      rb-inotify (~> 0.9, >= 0.9.10)
    lograge (0.12.0)
      actionpack (>= 4)
      activesupport (>= 4)
      railties (>= 4)
      request_store (~> 1.0)
    loofah (2.19.1)
      crass (~> 1.0.2)
      nokogiri (>= 1.5.9)
    macaddr (1.7.2)
      systemu (~> 2.6.5)
    mail (2.7.1)
      mini_mime (>= 0.1.1)
    marcel (1.0.2)
    memory_profiler (1.0.1)
    method_source (1.0.0)
    mini_histogram (0.3.1)
    mini_magick (4.11.0)
    mini_mime (1.1.2)
    mini_portile2 (2.8.1)
    minitest (5.18.0)
    minitest-focus (1.3.1)
      minitest (>= 4, < 6)
    minitest-reporters (1.6.0)
      ansi
      builder
      minitest (>= 5.0)
      ruby-progressbar
    minitest-spec-rails (6.2.0)
      minitest (>= 5.0)
      railties (>= 4.1)
    moneta (1.0.0)
    monetize (1.12.0)
      money (~> 6.12)
    money (6.16.0)
      i18n (>= 0.6.4, <= 2)
    money-rails (1.15.0)
      activesupport (>= 3.0)
      monetize (~> 1.9)
      money (~> 6.13)
      railties (>= 3.0)
    msgpack (1.6.1)
    msgpack (1.6.1-java)
    multi_json (1.15.0)
    mysql2 (0.5.5)
    net-imap (0.2.3)
      digest
      net-protocol
      strscan
    net-pop (0.1.2)
      net-protocol
    net-protocol (0.1.3)
      timeout
    net-smtp (0.3.3)
      net-protocol
    nio4r (2.5.8)
    nio4r (2.5.8-java)
    nokogiri (1.14.2)
      mini_portile2 (~> 2.8.0)
      racc (~> 1.4)
    nokogiri (1.14.2-java)
      racc (~> 1.4)
    oj (3.14.2)
    optimist (3.0.1)
    orm_adapter (0.5.0)
    ox (2.14.4)
    parallel (1.22.1)
    parser (3.2.2.0)
      ast (~> 2.4.1)
    pg (1.4.6)
    pg_search (2.3.6)
      activerecord (>= 5.2)
      activesupport (>= 5.2)
    phonelib (0.7.7)
    platform-api (3.5.0)
      heroics (~> 0.1.1)
      moneta (~> 1.0.0)
      rate_throttle_client (~> 0.1.0)
    prettier (3.2.2)
      syntax_tree (>= 2.7.1)
      syntax_tree-haml (>= 1.1.0)
      syntax_tree-rbs (>= 0.2.0)
    prettier_print (1.2.1)
    promise.rb (0.7.4)
    pry (0.14.1)
      coderay (~> 1.1)
      method_source (~> 1.0)
    pry (0.14.1-java)
      coderay (~> 1.1)
      method_source (~> 1.0)
      spoon (~> 0.0)
    pry-rails (0.3.9)
      pry (>= 0.10.4)
    pry-remote (0.1.8)
      pry (~> 0.9)
      slop (~> 3.0)
    public_suffix (4.0.7)
    puma (6.2.1)
      nio4r (~> 2.0)
    puma (6.2.1-java)
      nio4r (~> 2.0)
    pundit (2.3.0)
      activesupport (>= 3.0.0)
    racc (1.6.2)
    racc (1.6.2-java)
    rack (2.2.6.4)
    rack-mini-profiler (3.0.0)
      rack (>= 1.2.0)
    rack-test (2.1.0)
      rack (>= 1.3)
    rails (7.0.4.3)
      actioncable (= 7.0.4.3)
      actionmailbox (= 7.0.4.3)
      actionmailer (= 7.0.4.3)
      actionpack (= 7.0.4.3)
      actiontext (= 7.0.4.3)
      actionview (= 7.0.4.3)
      activejob (= 7.0.4.3)
      activemodel (= 7.0.4.3)
      activerecord (= 7.0.4.3)
      activestorage (= 7.0.4.3)
      activesupport (= 7.0.4.3)
      bundler (>= 1.15.0)
      railties (= 7.0.4.3)
    rails-controller-testing (1.0.5)
      actionpack (>= 5.0.1.rc1)
      actionview (>= 5.0.1.rc1)
      activesupport (>= 5.0.1.rc1)
    rails-dom-testing (2.0.3)
      activesupport (>= 4.2.0)
      nokogiri (>= 1.6)
    rails-html-sanitizer (1.5.0)
      loofah (~> 2.19, >= 2.19.1)
    railties (7.0.4.3)
      actionpack (= 7.0.4.3)
      activesupport (= 7.0.4.3)
      method_source
      rake (>= 12.2)
      thor (~> 1.0)
      zeitwerk (~> 2.5)
    rainbow (3.1.1)
    rake (13.0.6)
    rate_throttle_client (0.1.2)
    rb-fsevent (0.11.2)
    rb-inotify (0.10.1)
      ffi (~> 1.0)
    rbs (3.0.4)
    rbtrace (0.4.14)
      ffi (>= 1.0.6)
      msgpack (>= 0.4.3)
      optimist (>= 3.0.0)
    rbtree (0.4.6)
    recaptcha (5.12.3)
      json
    redcarpet (3.6.0)
    regexp_parser (2.7.0)
    reline (0.3.3)
      io-console (~> 0.5)
    request_store (1.5.1)
      rack (>= 1.4)
    responders (3.1.0)
      actionpack (>= 5.2)
      railties (>= 5.2)
    reverse_markdown (2.1.1)
      nokogiri
    rexml (3.2.5)
    rollbar (3.4.0)
    rollbar-shoryuken (1.1.0)
      aws-sdk-sqs (~> 1.20, <= 2.0)
      ox (~> 2.14)
      rollbar (>= 2.21, <= 4.0, < 4.0)
      shoryuken (>= 4.0, <= 5.3)
    rouge (3.26.1)
    rubocop (1.49.0)
      json (~> 2.3)
      parallel (~> 1.10)
      parser (>= 3.2.0.0)
      rainbow (>= 2.2.2, < 4.0)
      regexp_parser (>= 1.8, < 3.0)
      rexml (>= 3.2.5, < 4.0)
      rubocop-ast (>= 1.28.0, < 2.0)
      ruby-progressbar (~> 1.7)
      unicode-display_width (>= 2.4.0, < 3.0)
    rubocop-ast (1.28.0)
      parser (>= 3.2.1.0)
    rubocop-performance (1.16.0)
      rubocop (>= 1.7.0, < 2.0)
      rubocop-ast (>= 0.4.0)
    rubocop-rails (2.18.0)
      activesupport (>= 4.2.0)
      rack (>= 1.1)
      rubocop (>= 1.33.0, < 2.0)
    rubocop-sequel (0.3.4)
      rubocop (~> 1.0)
    ruby-progressbar (1.13.0)
    ruby-statistics (3.0.1)
    ruby-vips (2.1.4)
      ffi (~> 1.12)
    ruby2_keywords (0.0.5)
    safely_block (0.3.0)
      errbase (>= 0.1.1)
    scheduled_value (1.4.0)
      sorted_set (~> 1.0)
    sequel (5.67.0)
    set (1.0.3)
    shoryuken (5.3.0)
      aws-sdk-core (>= 2)
      concurrent-ruby
      thor
    simplecov (0.22.0)
      docile (~> 1.1)
      simplecov-html (~> 0.11)
      simplecov_json_formatter (~> 0.1)
    simplecov-html (0.12.3)
    simplecov_json_formatter (0.1.4)
    simpleidn (0.2.1)
      unf (~> 0.1.4)
    skylight (5.3.4)
      activesupport (>= 5.2.0)
    slop (3.6.0)
    solargraph (0.48.0)
      backport (~> 1.2)
      benchmark
      bundler (>= 1.17.2)
      diff-lcs (~> 1.4)
      e2mmap
      jaro_winkler (~> 1.5)
      kramdown (~> 2.3)
      kramdown-parser-gfm (~> 1.1)
      parser (~> 3.0)
      reverse_markdown (>= 1.0.5, < 3)
      rubocop (>= 0.52)
      thor (~> 1.0)
      tilt (~> 2.0)
      yard (~> 0.9, >= 0.9.24)
    solargraph-rails (1.1.0)
      activesupport
      solargraph
    sorted_set (1.0.3)
      rbtree
      set (~> 1.0)
    sorted_set (1.0.3-java)
    spoon (0.0.6)
      ffi
    sprockets (4.0.2)
      concurrent-ruby (~> 1.0)
      rack (> 1, < 3)
    sprockets-rails (3.4.2)
      actionpack (>= 5.2)
      activesupport (>= 5.2)
      sprockets (>= 3.0.0)
    stackprof (0.2.24)
    stripe (5.55.0)
    stripe-ruby-mock (3.1.0.rc3)
      dante (>= 0.2.0)
      multi_json (~> 1.0)
      stripe (> 5, < 6)
    strscan (3.0.6)
    strscan (3.0.6-java)
    syntax_tree (6.1.1)
      prettier_print (>= 1.2.0)
    syntax_tree-haml (4.0.3)
      haml (>= 5.2)
      prettier_print (>= 1.2.1)
      syntax_tree (>= 6.0.0)
    syntax_tree-rbs (1.0.0)
      prettier_print
      rbs
      syntax_tree (>= 2.0.1)
    systemu (2.6.5)
    temple (0.10.0)
    term-ansicolor (1.7.1)
      tins (~> 1.0)
    thor (1.2.1)
    tilt (2.1.0)
    timeout (0.3.2)
    tins (1.20.2)
    twilio-ruby (5.75.0)
      faraday (>= 0.9, < 3.0)
      jwt (>= 1.5, < 3.0)
      nokogiri (>= 1.6, < 2.0)
    typeprof (0.21.7)
      rbs (>= 1.8.1)
    tzinfo (2.0.6)
      concurrent-ruby (~> 1.0)
    tzinfo-data (1.2023.3)
      tzinfo (>= 1.0.0)
    unf (0.1.4)
      unf_ext
    unf (0.1.4-java)
    unf_ext (0.0.8)
    unicode-display_width (2.4.2)
    uuid (2.3.9)
      macaddr (~> 1.0)
    warden (1.2.9)
      rack (>= 2.0.9)
    webrick (1.7.0)
    websocket-driver (0.7.5)
      websocket-extensions (>= 0.1.0)
    websocket-driver (0.7.5-java)
      websocket-extensions (>= 0.1.0)
    websocket-extensions (0.1.5)
    will_paginate (3.3.1)
    with_advisory_lock (4.6.0)
      activerecord (>= 4.2)
    yard (0.9.28)
      webrick (~> 1.7.0)
    zeitwerk (2.6.7)

PLATFORMS
  java
  ruby

DEPENDENCIES
  active_storage_svg_sanitizer
  activerecord-session_store
  ahoy_matey
  annotate!
  apollo_upload_server (= 2.1.5)
  aws-sdk-rails
  aws-sdk-s3
  aws-sdk-sns
  aws-sdk-sqs
  bootsnap (>= 1.1.0)
  browser
  cadmus (~> 0.7.1)
  cadmus_navbar (~> 0.1.0)
  civil_service!
  cloudwatch_scheduler!
  cloudwatchlogger
  dalli
  dead_end
  debug
  derailed_benchmarks
  devise
  devise-doorkeeper
  devise-encryptable
  domain_prefix
  doorkeeper (= 5.6.6)
  doorkeeper-jwt
  doorkeeper-openid_connect
  dotenv-rails
  eu_central_bank
  factory_bot
  factory_bot_rails
  faker
  flamegraph
  graphql (>= 2.0)
  graphql-batch
  graphql-rails_logger
  icalendar
  image_processing (~> 1.2)
  letter_opener
  liquid
  listen
  lograge
  memory_profiler
  minitest-focus
  minitest-reporters
  minitest-spec-rails
  money-rails
  mysql2 (~> 0.5.3)
  oj (~> 3.14.0)
  parallel
  pg
  pg_search
  phonelib
  platform-api
  prettier (= 3.2.2)
  prettier_print
  pry-rails
  pry-remote
  puma
  pundit
  rack-mini-profiler
  rails (= 7.0.4.3)
  rails-controller-testing
  rbtrace
  recaptcha
  redcarpet
  reverse_markdown
  rollbar
  rollbar-shoryuken
  rubocop (= 1.49.0)
  rubocop-performance
  rubocop-rails
  rubocop-sequel
  ruby-vips
  scheduled_value (~> 1.4.0)
  sequel
  shoryuken
  simplecov
  skylight
  solargraph
  solargraph-rails (= 1.1.0)
  sprockets-rails
  stackprof
  stripe
  stripe-ruby-mock (>= 3.1.0.rc3)
  syntax_tree
  syntax_tree-haml
  syntax_tree-rbs
  term-ansicolor
  twilio-ruby (~> 5.75.0)
  typeprof
  tzinfo-data
  webrick
  will_paginate
  with_advisory_lock
  yard

RUBY VERSION
   ruby 3.2.2p53

BUNDLED WITH
   2.4.3
