GIT
  remote: https://github.com/gively/cadmus.git
  revision: 0c44601c3e74323e37eaf55d47412d3f3e292b78
  branch: syntax_conformance
  specs:
    cadmus (0.7.1)
      liquid
      rails (>= 5.0.0)

GIT
  remote: https://github.com/neinteractiveliterature/civil_service.git
  revision: bba59c4a91c3ca61386cfca2f723031ba097da93
  branch: no-double-validate
  specs:
    civil_service (2.3.0)
      activemodel (>= 3.0.0)

GIT
  remote: https://github.com/paul/cloudwatch_scheduler.git
  revision: 7d7033717932c9c959f5c99f5e8e49d01c7ee57a
  specs:
    cloudwatch_scheduler (1.1.1)
      aws-sdk-cloudwatchevents (~> 1.13)
      aws-sdk-sqs (~> 1.10)
      rails (>= 5.2.0)
      shoryuken (>= 2.0)

GEM
  remote: https://rubygems.org/
  specs:
    abbrev (0.1.2)
    actioncable (7.2.2.1)
      actionpack (= 7.2.2.1)
      activesupport (= 7.2.2.1)
      nio4r (~> 2.0)
      websocket-driver (>= 0.6.1)
      zeitwerk (~> 2.6)
    actionmailbox (7.2.2.1)
      actionpack (= 7.2.2.1)
      activejob (= 7.2.2.1)
      activerecord (= 7.2.2.1)
      activestorage (= 7.2.2.1)
      activesupport (= 7.2.2.1)
      mail (>= 2.8.0)
    actionmailer (7.2.2.1)
      actionpack (= 7.2.2.1)
      actionview (= 7.2.2.1)
      activejob (= 7.2.2.1)
      activesupport (= 7.2.2.1)
      mail (>= 2.8.0)
      rails-dom-testing (~> 2.2)
    actionpack (7.2.2.1)
      actionview (= 7.2.2.1)
      activesupport (= 7.2.2.1)
      nokogiri (>= 1.8.5)
      racc
      rack (>= 2.2.4, < 3.2)
      rack-session (>= 1.0.1)
      rack-test (>= 0.6.3)
      rails-dom-testing (~> 2.2)
      rails-html-sanitizer (~> 1.6)
      useragent (~> 0.16)
    actiontext (7.2.2.1)
      actionpack (= 7.2.2.1)
      activerecord (= 7.2.2.1)
      activestorage (= 7.2.2.1)
      activesupport (= 7.2.2.1)
      globalid (>= 0.6.0)
      nokogiri (>= 1.8.5)
    actionview (7.2.2.1)
      activesupport (= 7.2.2.1)
      builder (~> 3.1)
      erubi (~> 1.11)
      rails-dom-testing (~> 2.2)
      rails-html-sanitizer (~> 1.6)
    active_storage_svg_sanitizer (0.1.0)
      rails (>= 5.2)
    activejob (7.2.2.1)
      activesupport (= 7.2.2.1)
      globalid (>= 0.3.6)
    activemodel (7.2.2.1)
      activesupport (= 7.2.2.1)
    activerecord (7.2.2.1)
      activemodel (= 7.2.2.1)
      activesupport (= 7.2.2.1)
      timeout (>= 0.4.0)
    activerecord-session_store (2.1.0)
      actionpack (>= 6.1)
      activerecord (>= 6.1)
      cgi (>= 0.3.6)
      multi_json (~> 1.11, >= 1.11.2)
      rack (>= 2.0.8, < 4)
      railties (>= 6.1)
    activestorage (7.2.2.1)
      actionpack (= 7.2.2.1)
      activejob (= 7.2.2.1)
      activerecord (= 7.2.2.1)
      activesupport (= 7.2.2.1)
      marcel (~> 1.0)
    activesupport (7.2.2.1)
      base64
      benchmark (>= 0.3)
      bigdecimal
      concurrent-ruby (~> 1.0, >= 1.3.1)
      connection_pool (>= 2.2.5)
      drb
      i18n (>= 1.6, < 2)
      logger (>= 1.4.2)
      minitest (>= 5.1)
      securerandom (>= 0.3)
      tzinfo (~> 2.0, >= 2.0.5)
    acts_as_list (0.9.16)
      activerecord (>= 3.0)
    addressable (2.8.6)
      public_suffix (>= 2.0.2, < 6.0)
    ahoy_matey (5.2.1)
      activesupport (>= 6.1)
      device_detector (>= 1)
      safely_block (>= 0.4)
    annotate (3.2.0)
      activerecord (>= 3.2, < 8.0)
      rake (>= 10.4, < 14.0)
    ansi (1.5.0)
    apollo_upload_server (2.1.6)
      actionpack (>= 6.1.6)
      graphql (>= 1.8)
    ast (2.4.2)
    aws-actiondispatch-dynamodb (0.1.0)
      actionpack (>= 7.1.0)
      aws-sessionstore-dynamodb (~> 2)
      railties (>= 7.1.0)
    aws-actionmailbox-ses (0.1.0)
      actionmailbox (>= 7.1.0)
      aws-sdk-s3 (~> 1, >= 1.123.0)
      aws-sdk-sns (~> 1, >= 1.61.0)
    aws-actionmailer-ses (0.1.0)
      actionmailer (>= 7.1.0)
      aws-sdk-ses (~> 1, >= 1.50.0)
      aws-sdk-sesv2 (~> 1, >= 1.34.0)
    aws-activejob-sqs (0.1.0)
      activejob (>= 7.1.0)
      aws-sdk-sqs (~> 1, >= 1.56.0)
      concurrent-ruby (~> 1)
    aws-eventstream (1.3.0)
    aws-partitions (1.1023.0)
    aws-record (2.13.2)
      aws-sdk-dynamodb (~> 1, >= 1.85.0)
    aws-record-rails (0.1.0)
      aws-record (~> 2)
      railties (>= 7.1.0)
    aws-sdk-cloudwatchevents (1.70.0)
      aws-sdk-core (~> 3, >= 3.191.0)
      aws-sigv4 (~> 1.1)
    aws-sdk-core (3.214.0)
      aws-eventstream (~> 1, >= 1.3.0)
      aws-partitions (~> 1, >= 1.992.0)
      aws-sigv4 (~> 1.9)
      jmespath (~> 1, >= 1.6.1)
    aws-sdk-dynamodb (1.130.0)
      aws-sdk-core (~> 3, >= 3.210.0)
      aws-sigv4 (~> 1.5)
    aws-sdk-kms (1.96.0)
      aws-sdk-core (~> 3, >= 3.210.0)
      aws-sigv4 (~> 1.5)
    aws-sdk-rails (4.2.0)
      aws-actiondispatch-dynamodb (~> 0)
      aws-actionmailbox-ses (~> 0)
      aws-actionmailer-ses (~> 0)
      aws-activejob-sqs (~> 0)
      aws-record-rails (~> 0)
      railties (>= 7.1.0)
    aws-sdk-s3 (1.176.1)
      aws-sdk-core (~> 3, >= 3.210.0)
      aws-sdk-kms (~> 1)
      aws-sigv4 (~> 1.5)
    aws-sdk-ses (1.77.0)
      aws-sdk-core (~> 3, >= 3.210.0)
      aws-sigv4 (~> 1.5)
    aws-sdk-sesv2 (1.66.0)
      aws-sdk-core (~> 3, >= 3.210.0)
      aws-sigv4 (~> 1.5)
    aws-sdk-sns (1.92.0)
      aws-sdk-core (~> 3, >= 3.210.0)
      aws-sigv4 (~> 1.5)
    aws-sdk-sqs (1.89.0)
      aws-sdk-core (~> 3, >= 3.210.0)
      aws-sigv4 (~> 1.5)
    aws-sessionstore-dynamodb (2.2.0)
      aws-sdk-dynamodb (~> 1, >= 1.85.0)
      rack (>= 2, < 4)
      rack-session (>= 1, < 3)
    aws-sigv4 (1.10.1)
      aws-eventstream (~> 1, >= 1.0.2)
    base64 (0.2.0)
    bcrypt (3.1.20)
    bcrypt (3.1.20-java)
    benchmark (0.4.0)
    benchmark-ips (2.14.0)
    bigdecimal (3.1.8)
    bigdecimal (3.1.8-java)
    bootsnap (1.18.4)
      msgpack (~> 1.2)
    browser (6.2.0)
    builder (3.3.0)
    business_time (0.13.0)
      activesupport (>= 3.2.0)
      tzinfo
    cadmus_navbar (0.1.0)
      acts_as_list
      cadmus
      rails (>= 5.0.0)
    cgi (0.4.0)
    cgi (0.4.0-java)
    coderay (1.1.3)
    concurrent-ruby (1.3.4)
    connection_pool (2.4.1)
    crass (1.0.6)
    dalli (3.2.8)
    date (3.4.1)
    date (3.4.1-java)
    dead_end (4.0.0)
    debug (1.9.2)
      irb (~> 1.10)
      reline (>= 0.3.8)
    derailed_benchmarks (2.1.2)
      benchmark-ips (~> 2)
      dead_end
      get_process_mem (~> 0)
      heapy (~> 0)
      memory_profiler (>= 0, < 2)
      mini_histogram (>= 0.3.0)
      rack (>= 1)
      rack-test
      rake (> 10, < 14)
      ruby-statistics (>= 2.1)
      thor (>= 0.19, < 2)
    device_detector (1.1.3)
    devise (4.9.4)
      bcrypt (~> 3.0)
      orm_adapter (~> 0.1)
      railties (>= 4.1.0)
      responders
      warden (~> 1.2.3)
    devise-doorkeeper (1.2.0)
      devise
      doorkeeper
      rails
    devise-encryptable (0.2.0)
      devise (>= 2.1.0)
    docile (1.4.0)
    domain_prefix (0.4.20210906)
      json
      simpleidn (>= 0.0.5)
    doorkeeper (5.8.1)
      railties (>= 5)
    doorkeeper-jwt (0.4.2)
      jwt (>= 2.1)
    doorkeeper-openid_connect (1.8.10)
      doorkeeper (>= 5.5, < 5.9)
      jwt (>= 2.5)
    dotenv (3.1.6)
    dotenv-rails (3.1.6)
      dotenv (= 3.1.6)
      railties (>= 6.1)
    drb (2.2.1)
    erubi (1.13.0)
    erubis (2.7.0)
    eu_central_bank (1.7.0)
      money (~> 6.13, >= 6.13.6)
      nokogiri (~> 1.9)
    excon (0.110.0)
    factory_bot (6.5.0)
      activesupport (>= 5.0.0)
    factory_bot_rails (6.4.4)
      factory_bot (~> 6.5)
      railties (>= 5.0.0)
    faker (3.5.1)
      i18n (>= 1.8.11, < 2)
    faraday (2.12.2)
      faraday-net_http (>= 2.0, < 3.5)
      json
      logger
    faraday-net_http (3.4.0)
      net-http (>= 0.5.0)
    ffi (1.17.0)
    ffi (1.17.0-java)
    flamegraph (0.9.5)
    fly-ruby (0.5.1)
      rack (~> 2.0)
    fly.io-rails (0.3.5)
      fly-ruby
      nats-pure
      toml
    get_process_mem (0.2.7)
      ffi (~> 1.0)
    globalid (1.2.1)
      activesupport (>= 6.1)
    graphql (2.2.14)
      base64
    graphql-rails_logger (1.2.5)
      actionpack (> 5.0)
      activesupport (> 5.0)
      railties (> 5.0)
      rouge (>= 3.0)
    haml (6.2.5)
      temple (>= 0.8.2)
      thor
      tilt
    heapy (0.2.0)
      thor
    heroics (0.1.2)
      erubis (~> 2.0)
      excon
      moneta
      multi_json (>= 1.9.2)
      webrick
    holidays (8.8.0)
    i18n (1.14.6)
      concurrent-ruby (~> 1.0)
    icalendar (2.10.3)
      ice_cube (~> 0.16)
      ostruct
    ice_cube (0.16.4)
    image_processing (1.13.0)
      mini_magick (>= 4.9.5, < 5)
      ruby-vips (>= 2.0.17, < 3)
    io-console (0.8.0)
    io-console (0.8.0-java)
    irb (1.14.2)
      rdoc (>= 4.0.0)
      reline (>= 0.4.2)
    jar-dependencies (0.5.1)
    jmespath (1.6.2)
    json (2.8.2)
    json (2.8.2-java)
    jwt (2.8.2)
      base64
    language_server-protocol (3.17.0.3)
    launchy (2.5.2)
      addressable (~> 2.8)
    letter_opener (1.10.0)
      launchy (>= 2.2, < 4)
    liquid (5.5.1)
    listen (3.9.0)
      rb-fsevent (~> 0.10, >= 0.10.3)
      rb-inotify (~> 0.9, >= 0.9.10)
    logger (1.6.3)
    lograge (0.14.0)
      actionpack (>= 4)
      activesupport (>= 4)
      railties (>= 4)
      request_store (~> 1.0)
    loofah (2.23.1)
      crass (~> 1.0.2)
      nokogiri (>= 1.12.0)
    mail (2.8.1)
      mini_mime (>= 0.1.1)
      net-imap
      net-pop
      net-smtp
    marcel (1.0.4)
    memory_profiler (1.1.0)
    method_source (1.0.0)
    mini_histogram (0.3.1)
    mini_magick (4.13.2)
    mini_mime (1.1.5)
    mini_portile2 (2.8.8)
    minitest (5.25.4)
    minitest-focus (1.4.0)
      minitest (>= 4, < 6)
    minitest-reporters (1.7.1)
      ansi
      builder
      minitest (>= 5.0)
      ruby-progressbar
    minitest-spec-rails (7.4.1)
      minitest (>= 5.0)
      railties (>= 4.1)
    moneta (1.0.0)
    monetize (1.12.0)
      money (~> 6.12)
    money (6.16.0)
      i18n (>= 0.6.4, <= 2)
    money-rails (1.15.0)
      activesupport (>= 3.0)
      monetize (~> 1.9)
      money (~> 6.13)
      railties (>= 3.0)
    msgpack (1.7.2)
    msgpack (1.7.2-java)
    multi_json (1.15.0)
    mysql2 (0.5.6)
    nats-pure (2.4.0)
      concurrent-ruby (~> 1.0)
    net-http (0.5.0)
      uri
    net-imap (0.5.1)
      date
      net-protocol
    net-pop (0.1.2)
      net-protocol
    net-protocol (0.2.2)
      timeout
    net-smtp (0.5.0)
      net-protocol
    nio4r (2.7.4)
    nio4r (2.7.4-java)
    nokogiri (1.17.2)
      mini_portile2 (~> 2.8.2)
      racc (~> 1.4)
    nokogiri (1.17.2-java)
      racc (~> 1.4)
    oj (3.16.7)
      bigdecimal (>= 3.0)
      ostruct (>= 0.2)
    optimist (3.1.0)
    orm_adapter (0.5.0)
    ostruct (0.6.0)
    parallel (1.26.3)
    parser (3.3.6.0)
      ast (~> 2.4.1)
      racc
    parslet (2.0.0)
    pg (1.5.9)
    pg_search (2.3.7)
      activerecord (>= 6.1)
      activesupport (>= 6.1)
    phonelib (0.10.1)
    platform-api (3.7.0)
      heroics (~> 0.1.1)
      moneta (~> 1.0.0)
      rate_throttle_client (~> 0.1.0)
    positioning (0.4.5)
      activerecord (>= 6.1)
      activesupport (>= 6.1)
    prettier (4.0.4)
      syntax_tree (>= 4.0.1)
      syntax_tree-haml (>= 2.0.0)
      syntax_tree-rbs (>= 0.2.0)
    prettier_print (1.2.1)
    prism (1.2.0)
    pry (0.14.2)
      coderay (~> 1.1)
      method_source (~> 1.0)
    pry (0.14.2-java)
      coderay (~> 1.1)
      method_source (~> 1.0)
      spoon (~> 0.0)
    pry-rails (0.3.11)
      pry (>= 0.13.0)
    pry-remote (0.1.8)
      pry (~> 0.9)
      slop (~> 3.0)
    psych (5.2.1)
      date
      stringio
    psych (5.2.1-java)
      date
      jar-dependencies (>= 0.1.7)
    public_suffix (4.0.7)
    puma (6.4.3)
      nio4r (~> 2.0)
    puma (6.4.3-java)
      nio4r (~> 2.0)
    pundit (2.4.0)
      activesupport (>= 3.0.0)
    racc (1.8.1)
    racc (1.8.1-java)
    rack (2.2.10)
    rack-mini-profiler (3.3.1)
      rack (>= 1.2.0)
    rack-session (1.0.2)
      rack (< 3)
    rack-test (2.1.0)
      rack (>= 1.3)
    rackup (1.0.1)
      rack (< 3)
      webrick
    rails (7.2.2.1)
      actioncable (= 7.2.2.1)
      actionmailbox (= 7.2.2.1)
      actionmailer (= 7.2.2.1)
      actionpack (= 7.2.2.1)
      actiontext (= 7.2.2.1)
      actionview (= 7.2.2.1)
      activejob (= 7.2.2.1)
      activemodel (= 7.2.2.1)
      activerecord (= 7.2.2.1)
      activestorage (= 7.2.2.1)
      activesupport (= 7.2.2.1)
      bundler (>= 1.15.0)
      railties (= 7.2.2.1)
    rails-controller-testing (1.0.5)
      actionpack (>= 5.0.1.rc1)
      actionview (>= 5.0.1.rc1)
      activesupport (>= 5.0.1.rc1)
    rails-dom-testing (2.2.0)
      activesupport (>= 5.0.0)
      minitest
      nokogiri (>= 1.6)
    rails-html-sanitizer (1.6.2)
      loofah (~> 2.21)
      nokogiri (>= 1.15.7, != 1.16.7, != 1.16.6, != 1.16.5, != 1.16.4, != 1.16.3, != 1.16.2, != 1.16.1, != 1.16.0.rc1, != 1.16.0)
    railties (7.2.2.1)
      actionpack (= 7.2.2.1)
      activesupport (= 7.2.2.1)
      irb (~> 1.13)
      rackup (>= 1.0.0)
      rake (>= 12.2)
      thor (~> 1.0, >= 1.2.2)
      zeitwerk (~> 2.6)
    rainbow (3.1.1)
    rake (13.2.1)
    rate_throttle_client (0.1.2)
    rb-fsevent (0.11.2)
    rb-inotify (0.10.1)
      ffi (~> 1.0)
    rbs (3.3.2)
      abbrev
    rbtrace (0.5.1)
      ffi (>= 1.0.6)
      msgpack (>= 0.4.3)
      optimist (>= 3.0.0)
    rbtree (0.4.6)
    rdoc (6.9.0)
      psych (>= 4.0.0)
    recaptcha (5.17.0)
    redcarpet (3.6.0)
    regexp_parser (2.9.2)
    reline (0.5.12)
      io-console (~> 0.5)
    request_store (1.5.1)
      rack (>= 1.4)
    responders (3.1.1)
      actionpack (>= 5.2)
      railties (>= 5.2)
    reverse_markdown (3.0.0)
      nokogiri
    rexml (3.3.9)
    rollbar (3.6.0)
    rouge (3.26.1)
    rubocop (1.68.0)
      json (~> 2.3)
      language_server-protocol (>= 3.17.0)
      parallel (~> 1.10)
      parser (>= 3.3.0.2)
      rainbow (>= 2.2.2, < 4.0)
      regexp_parser (>= 2.4, < 3.0)
      rubocop-ast (>= 1.32.2, < 2.0)
      ruby-progressbar (~> 1.7)
      unicode-display_width (>= 2.4.0, < 3.0)
    rubocop-ast (1.36.1)
      parser (>= 3.3.1.0)
    rubocop-factory_bot (2.26.1)
      rubocop (~> 1.61)
    rubocop-graphql (1.5.4)
      rubocop (>= 1.50, < 2)
    rubocop-performance (1.23.0)
      rubocop (>= 1.48.1, < 2.0)
      rubocop-ast (>= 1.31.1, < 2.0)
    rubocop-rails (2.27.0)
      activesupport (>= 4.2.0)
      rack (>= 1.1)
      rubocop (>= 1.52.0, < 2.0)
      rubocop-ast (>= 1.31.1, < 2.0)
    rubocop-rspec (3.2.0)
      rubocop (~> 1.61)
    rubocop-sequel (0.3.7)
      rubocop (~> 1.0)
    ruby-progressbar (1.13.0)
    ruby-statistics (3.0.2)
    ruby-vips (2.2.2)
      ffi (~> 1.12)
      logger
    safely_block (0.4.1)
    scheduled_value (1.4.0)
      sorted_set (~> 1.0)
    securerandom (0.4.0)
    sentry-rails (5.21.0)
      railties (>= 5.0)
      sentry-ruby (~> 5.21.0)
    sentry-ruby (5.21.0)
      bigdecimal
      concurrent-ruby (~> 1.0, >= 1.0.2)
    sequel (5.86.0)
      bigdecimal
    set (1.0.3)
    shoryuken (6.2.1)
      aws-sdk-core (>= 2)
      concurrent-ruby
      thor
    simplecov (0.22.0)
      docile (~> 1.1)
      simplecov-html (~> 0.11)
      simplecov_json_formatter (~> 0.1)
    simplecov-cobertura (2.1.0)
      rexml
      simplecov (~> 0.19)
    simplecov-html (0.12.3)
    simplecov_json_formatter (0.1.4)
    simpleidn (0.2.1)
      unf (~> 0.1.4)
    skylight (6.0.4)
      activesupport (>= 5.2.0)
    slop (3.6.0)
    sorted_set (1.0.3)
      rbtree
      set (~> 1.0)
    sorted_set (1.0.3-java)
    spoon (0.0.6)
      ffi
    sprockets (4.2.1)
      concurrent-ruby (~> 1.0)
      rack (>= 2.2.4, < 4)
    sprockets-rails (3.5.2)
      actionpack (>= 6.1)
      activesupport (>= 6.1)
      sprockets (>= 3.0.0)
    stackprof (0.2.26)
    stringio (3.1.2)
    stripe (12.6.0)
    sync (0.5.0)
    syntax_tree (6.2.0)
      prettier_print (>= 1.2.0)
    syntax_tree-haml (4.0.3)
      haml (>= 5.2)
      prettier_print (>= 1.2.1)
      syntax_tree (>= 6.0.0)
    syntax_tree-rbs (1.0.0)
      prettier_print
      rbs
      syntax_tree (>= 2.0.1)
    temple (0.10.3)
    term-ansicolor (1.11.2)
      tins (~> 1.0)
    thor (1.3.2)
    tilt (2.3.0)
    timeout (0.4.2)
    tins (1.33.0)
      bigdecimal
      sync
    toml (0.3.0)
      parslet (>= 1.8.0, < 3.0.0)
    twilio-ruby (7.3.7)
      faraday (>= 0.9, < 3.0)
      jwt (>= 1.5, < 3.0)
      nokogiri (>= 1.6, < 2.0)
    typeprof (0.21.11)
      rbs (>= 1.8.1)
    tzinfo (2.0.6)
      concurrent-ruby (~> 1.0)
    tzinfo-data (1.2024.2)
      tzinfo (>= 1.0.0)
    unf (0.1.4)
      unf_ext
    unf (0.1.4-java)
    unf_ext (0.0.8)
    unicode-display_width (2.6.0)
    uri (1.0.2)
    useragent (0.16.11)
    warden (1.2.9)
      rack (>= 2.0.9)
    webrick (1.9.1)
    websocket-driver (0.7.6)
      websocket-extensions (>= 0.1.0)
    websocket-driver (0.7.6-java)
      websocket-extensions (>= 0.1.0)
    websocket-extensions (0.1.5)
    will_paginate (4.0.1)
    with_advisory_lock (5.1.0)
      activerecord (>= 6.1)
      zeitwerk (>= 2.6)
    yard (0.9.37)
    zeitwerk (2.7.1)

PLATFORMS
  java
  ruby

DEPENDENCIES
  active_storage_svg_sanitizer
  activerecord-session_store
  ahoy_matey
  annotate
  apollo_upload_server (= 2.1.6)
  aws-sdk-rails
  aws-sdk-s3
  aws-sdk-sns
  aws-sdk-sqs
  bootsnap (>= 1.1.0)
  browser
  business_time
  cadmus!
  cadmus_navbar (~> 0.1.0)
  civil_service!
  cloudwatch_scheduler!
  dalli
  dead_end
  debug
  derailed_benchmarks
  devise
  devise-doorkeeper
  devise-encryptable
  domain_prefix
  doorkeeper (= 5.8.1)
  doorkeeper-jwt
  doorkeeper-openid_connect
  dotenv-rails
  eu_central_bank
  factory_bot
  factory_bot_rails
  faker
  flamegraph
  fly.io-rails
  graphql
  graphql-rails_logger
  holidays
  icalendar
  image_processing (~> 1.2)
  letter_opener
  liquid
  listen
  lograge
  memory_profiler
  minitest-focus
  minitest-reporters
  minitest-spec-rails
  money-rails
  mysql2 (~> 0.5.3)
  oj (~> 3.16.0)
  parallel
  pg
  pg_search
  phonelib
  platform-api
  positioning
  prettier (= 4.0.4)
  prettier_print
  prism
  pry-rails
  pry-remote
  puma
  pundit
  rack-mini-profiler
  rails (= 7.2.2.1)
  rails-controller-testing
  rbtrace
  recaptcha
  redcarpet
  reverse_markdown
  rollbar
  rubocop (= 1.68.0)
  rubocop-factory_bot
  rubocop-graphql
  rubocop-performance
  rubocop-rails
  rubocop-rspec
  rubocop-sequel
  ruby-vips
  scheduled_value (~> 1.4.0)
  sentry-rails (~> 5.17)
  sentry-ruby (~> 5.17)
  sequel
  shoryuken
  simplecov
  simplecov-cobertura
  skylight
  sprockets-rails
  stackprof
  stripe
  syntax_tree
  syntax_tree-haml
  syntax_tree-rbs
  term-ansicolor
  twilio-ruby (~> 7.3.0)
  typeprof
  tzinfo-data
  webrick
  will_paginate
  with_advisory_lock
  yard

RUBY VERSION
   ruby 3.3.6p108

BUNDLED WITH
   2.5.9
